GEM
  remote: https://rubygems.org/
  specs:
    aws-eventstream (1.3.0)
    aws-partitions (1.941.0)
    aws-sdk-core (3.197.0)
      aws-eventstream (~> 1, >= 1.3.0)
      aws-partitions (~> 1, >= 1.651.0)
      aws-sigv4 (~> 1.8)
      jmespath (~> 1, >= 1.6.1)
    aws-sdk-mediaconvert (1.129.0)
      aws-sdk-core (~> 3, >= 3.197.0)
      aws-sigv4 (~> 1.1)
    aws-sigv4 (1.8.0)
      aws-eventstream (~> 1, >= 1.0.2)
    csv (3.3.0)
    httparty (0.22.0)
      csv
      mini_mime (>= 1.0.0)
      multi_xml (>= 0.5.2)
    jmespath (1.6.2)
    mini_mime (1.1.5)
    multi_xml (0.6.0)

PLATFORMS
  x86_64-darwin-19
  x86_64-linux

DEPENDENCIES
  aws-sdk-mediaconvert
  httparty

BUNDLED WITH
   2.2.15
